GIT
  remote: git://github.com/trema/trema.git
  revision: dae7223861e7b979ba0232626cb00f59be44285b
  branch: develop
  specs:
    trema (0.4.7)
      gli (~> 2.11.0)
      paper_house (~> 0.6.2)
      pio (~> 0.8.1)
      rake
      rdoc (~> 4.1.1)

GEM
  remote: https://rubygems.org/
  specs:
    POpen4 (0.1.4)
      Platform (>= 0.4.0)
      open4
    Platform (0.4.0)
    aruba (0.6.0)
      childprocess (>= 0.3.6)
      cucumber (>= 1.1.1)
      rspec-expectations (>= 2.7.0)
    ast (2.0.0)
    bindata (2.1.0)
    builder (3.2.2)
    childprocess (0.5.3)
      ffi (~> 1.0, >= 1.0.11)
    cucumber (1.3.15)
      builder (>= 2.1.2)
      diff-lcs (>= 1.1.3)
      gherkin (~> 2.12)
      multi_json (>= 1.7.5, < 2.0)
      multi_test (>= 0.1.1)
    diff-lcs (1.2.5)
    ffi (1.9.3)
    flay (2.5.0)
      ruby_parser (~> 3.0)
      sexp_processor (~> 4.0)
    flog (4.2.1)
      ruby_parser (~> 3.1, > 3.1.0)
      sexp_processor (~> 4.4)
    gherkin (2.12.2)
      multi_json (~> 1.3)
    given_core (3.5.4)
      sorcerer (>= 0.3.7)
    gli (2.11.0)
    json (1.8.1)
    multi_json (1.10.1)
    multi_test (0.1.1)
    open4 (1.3.4)
    paper_house (0.6.2)
      POpen4 (~> 0.1.4)
      rake
    parser (2.2.0.pre.3)
      ast (>= 1.1, < 3.0)
      slop (~> 3.4, >= 3.4.5)
    pio (0.8.1)
      bindata (~> 2.1.0)
    powerpack (0.0.9)
    rainbow (2.0.0)
    rake (10.3.2)
    rdoc (4.1.1)
      json (~> 1.4)
    reek (1.3.7)
      rainbow
      ruby2ruby (~> 2.0.8)
      ruby_parser (~> 3.3)
      sexp_processor
    rspec (3.0.0)
      rspec-core (~> 3.0.0)
      rspec-expectations (~> 3.0.0)
      rspec-mocks (~> 3.0.0)
    rspec-core (3.0.2)
      rspec-support (~> 3.0.0)
    rspec-expectations (3.0.2)
      diff-lcs (>= 1.2.0, < 2.0)
      rspec-support (~> 3.0.0)
    rspec-given (3.5.4)
      given_core (= 3.5.4)
      rspec (>= 2.12)
    rspec-mocks (3.0.2)
      rspec-support (~> 3.0.0)
    rspec-support (3.0.2)
    rubocop (0.24.1)
      json (>= 1.7.7, < 2)
      parser (>= 2.2.0.pre.3, < 3.0)
      powerpack (~> 0.0.6)
      rainbow (>= 1.99.1, < 3.0)
      ruby-progressbar (~> 1.4)
    ruby-progressbar (1.5.1)
    ruby2ruby (2.0.8)
      ruby_parser (~> 3.1)
      sexp_processor (~> 4.0)
    ruby_parser (3.6.1)
      sexp_processor (~> 4.1)
    sexp_processor (4.4.3)
    slop (3.5.0)
    sorcerer (1.0.2)

PLATFORMS
  ruby

DEPENDENCIES
  aruba (~> 0.6.0)
  cucumber (~> 1.3.15)
  flay (~> 2.5.0)
  flog (~> 4.2.1)
  reek (~> 1.3.7)
  rspec (~> 3.0.0)
  rspec-given (~> 3.5.4)
  rubocop (~> 0.24.1)
  trema!
